GEM
  remote: https://rubygems.org/
  specs:
    excon (0.40.0)
    pg (0.18.4)
    sequel (4.37.0)

PLATFORMS
  ruby

DEPENDENCIES
  excon
  pg
  sequel

BUNDLED WITH
   1.12.1
